GEM
  remote: https://rubygems.org/
  specs:
    master (0.1.0)

PLATFORMS
  x64-mingw32

DEPENDENCIES
  master

BUNDLED WITH
   1.16.1
